GEM
  remote: https://rubygems.org/
  specs:
    ffi (1.10.0-x64-mingw32)
    ffi (1.10.0-x86-mingw32)
    ffi-win32-extensions (1.0.3)
      ffi
    highline (1.7.10)
    nwn-lib (0.6.1)
    os (0.9.6)
    parallel (1.12.1)
    ptools (1.3.5)
    ptools (1.3.5-universal-mingw32)
      win32-file (>= 0.7.0)
    rake (12.3.3)
    systemu (2.6.5)
    win32-file (0.8.2)
      ffi
      ffi-win32-extensions
      win32-file-stat (>= 1.4.0)
    win32-file-stat (1.5.5)
      ffi
      ffi-win32-extensions

PLATFORMS
  ruby
  x64-mingw32
  x86-mingw32

DEPENDENCIES
  highline (~> 1.7.8)
  nwn-lib (~> 0.6.1)
  os (~> 0.9.6)
  parallel (~> 1.12.1)
  ptools (~> 1.3.5)
  rake (~> 12.3.3)
  systemu (~> 2.6.5)

BUNDLED WITH
   2.0.1
